GEM
  remote: https://rubygems.org/
  specs:
    rubyzip (2.0.0)

PLATFORMS
  ruby

DEPENDENCIES
  rubyzip (>= 1.3.0)

BUNDLED WITH
   1.17.3
